GEM
  remote: https://rubygems.org/
  specs:
    webrick (1.9.1)

PLATFORMS
  ruby
  x86_64-linux

DEPENDENCIES
  webrick

BUNDLED WITH
   2.6.2
